RESTRICTION: >= net40
NUGET
  remote: https://www.nuget.org/api/v2
    ControlzEx (3.0.2.4)
    JetBrains.Annotations (11.1)
    MahApps.Metro (1.6.1)
      ControlzEx (>= 3.0.2.4 < 4.0)
    MahApps.Metro.IconPacks (2.1)
    MaterialDesignColors (1.1.3)
    MaterialDesignThemes (2.4.0.1044)
      MaterialDesignColors (>= 1.1.2)
    MSBuild.Sdk.Extras (1.2.2)
